PATH
  remote: .
  specs:
    sentry-gruf (1.1.0)
      gruf (~> 2.10)
      sentry-ruby-core (~> 4.8)

GEM
  remote: https://rubygems.org/
  specs:
    activesupport (6.1.4.4)
      concurrent-ruby (~> 1.0, >= 1.0.2)
      i18n (>= 1.6, < 2)
      minitest (>= 5.1)
      tzinfo (~> 2.0)
      zeitwerk (~> 2.3)
    ast (2.4.2)
    awesome_print (1.9.2)
    bundler-audit (0.9.0.1)
      bundler (>= 1.2.0, < 3)
      thor (~> 1.0)
    ci-helper (0.4.2)
      colorize (~> 0.8)
      dry-inflector (~> 0.2)
      umbrellio-sequel-plugins (~> 0.4)
    coderay (1.1.3)
    colorize (0.8.1)
    concurrent-ruby (1.1.9)
    diff-lcs (1.5.0)
    docile (1.4.0)
    dry-inflector (0.2.1)
    e2mmap (0.1.0)
    faraday (2.1.0)
      faraday-net_http (~> 2.0)
      ruby2_keywords (>= 0.0.4)
    faraday-net_http (2.0.1)
    google-protobuf (3.21.7-x86_64-linux)
    googleapis-common-protos-types (1.3.0)
      google-protobuf (~> 3.14)
    grpc (1.41.0-x86_64-linux)
      google-protobuf (~> 3.17)
      googleapis-common-protos-types (~> 1.0)
    grpc-tools (1.41.0)
    gruf (2.12.0)
      activesupport (> 4)
      concurrent-ruby (> 1)
      e2mmap (>= 0.1)
      grpc (~> 1.10, <= 1.41.0)
      grpc-tools (~> 1.10, <= 1.41.0)
      json (>= 2.3)
      slop (>= 4.6)
      thwait (>= 0.1)
    i18n (1.8.11)
      concurrent-ruby (~> 1.0)
    json (2.6.1)
    method_source (1.0.0)
    minitest (5.15.0)
    parallel (1.21.0)
    parser (3.1.0.0)
      ast (~> 2.4.1)
    pry (0.14.1)
      coderay (~> 1.1)
      method_source (~> 1.0)
    rack (2.2.3)
    rainbow (3.1.1)
    rake (13.0.6)
    regexp_parser (2.2.0)
    rexml (3.2.5)
    rspec (3.10.0)
      rspec-core (~> 3.10.0)
      rspec-expectations (~> 3.10.0)
      rspec-mocks (~> 3.10.0)
    rspec-core (3.10.1)
      rspec-support (~> 3.10.0)
    rspec-expectations (3.10.1)
      diff-lcs (>= 1.2.0, < 2.0)
      rspec-support (~> 3.10.0)
    rspec-json_matcher (0.1.6)
      awesome_print
      json
    rspec-mocks (3.10.2)
      diff-lcs (>= 1.2.0, < 2.0)
      rspec-support (~> 3.10.0)
    rspec-support (3.10.3)
    rubocop (1.24.0)
      parallel (~> 1.10)
      parser (>= 3.0.0.0)
      rainbow (>= 2.2.2, < 4.0)
      regexp_parser (>= 1.8, < 3.0)
      rexml
      rubocop-ast (>= 1.15.0, < 2.0)
      ruby-progressbar (~> 1.7)
      unicode-display_width (>= 1.4.0, < 3.0)
    rubocop-ast (1.15.1)
      parser (>= 3.0.1.1)
    rubocop-config-umbrellio (1.24.0.56)
      rubocop (= 1.24.0)
      rubocop-performance (= 1.13.0)
      rubocop-rails (= 2.13.0)
      rubocop-rake (= 0.6.0)
      rubocop-rspec (= 2.7.0)
      rubocop-sequel (= 0.3.3)
    rubocop-performance (1.13.0)
      rubocop (>= 1.7.0, < 2.0)
      rubocop-ast (>= 0.4.0)
    rubocop-rails (2.13.0)
      activesupport (>= 4.2.0)
      rack (>= 1.1)
      rubocop (>= 1.7.0, < 2.0)
    rubocop-rake (0.6.0)
      rubocop (~> 1.0)
    rubocop-rspec (2.7.0)
      rubocop (~> 1.19)
    rubocop-sequel (0.3.3)
      rubocop (~> 1.0)
    ruby-progressbar (1.11.0)
    ruby2_keywords (0.0.5)
    sentry-ruby-core (4.9.2)
      concurrent-ruby
      faraday
    sequel (5.52.0)
    simplecov (0.21.2)
      docile (~> 1.1)
      simplecov-html (~> 0.11)
      simplecov_json_formatter (~> 0.1)
    simplecov-html (0.12.3)
    simplecov-lcov (0.8.0)
    simplecov_json_formatter (0.1.3)
    slop (4.9.1)
    symbiont-ruby (0.7.0)
    thor (1.2.1)
    thwait (0.2.0)
      e2mmap
    tzinfo (2.0.4)
      concurrent-ruby (~> 1.0)
    umbrellio-sequel-plugins (0.5.1.27)
      sequel
      symbiont-ruby
    unicode-display_width (2.1.0)
    webrick (1.7.0)
    yard (0.9.27)
      webrick (~> 1.7.0)
    zeitwerk (2.5.3)

PLATFORMS
  x86_64-linux

DEPENDENCIES
  activesupport (< 7.0.0)
  bundler
  bundler-audit
  ci-helper
  pry
  rake
  rspec
  rspec-json_matcher
  rubocop-config-umbrellio
  sentry-gruf!
  simplecov
  simplecov-lcov
  yard

BUNDLED WITH
   2.3.5
